GEM
  remote: https://rubygems.org/
  specs:
    haml (4.0.3)
      tilt
    log4r (1.1.10)
    rack (1.5.2)
    rack-protection (1.5.1)
      rack
    sequel (4.4.0)
    sinatra (1.4.4)
      rack (~> 1.4)
      rack-protection (~> 1.4)
      tilt (~> 1.3, >= 1.3.4)
    sqlite3 (1.3.8)
    tilt (1.4.1)

PLATFORMS
  ruby

DEPENDENCIES
  haml
  log4r
  sequel
  sinatra
  sqlite3
